PATH
  remote: .
  specs:
    eypay (0.0.7)

GEM
  remote: http://rubygems.org/
  specs:

PLATFORMS
  ruby

DEPENDENCIES
  eypay!
